GEM
  remote: http://rubygems.org/
  specs:
    json (1.6.3)
    json (1.6.3-java)
    metaclass (0.0.1)
    mocha (0.10.0)
      metaclass (~> 0.0.1)
    rake (12.3.3)
    rdoc (3.11)
      json (~> 1.4)

PLATFORMS
  java
  ruby

DEPENDENCIES
  mocha
  rake
  rdoc
