GEM
  remote: http://rubygems.org/
  specs:
    metaclass (0.0.1)
    mocha (0.10.0)
      metaclass (~> 0.0.1)
    rake (0.9.2)
    rdoc (6.3.1)

PLATFORMS
  java
  ruby

DEPENDENCIES
  mocha
  rake
  rdoc
